PATH
  remote: .
  specs:
    tropo-provisioning (0.0.27)
      activesupport
      hashie (>= 0.2.1)
      i18n

GEM
  remote: http://rubygems.org/
  specs:
    activesupport (3.2.9)
      i18n (~> 0.6)
      multi_json (~> 1.0)
    diff-lcs (1.1.3)
    fakeweb (1.3.0)
    hashie (1.2.0)
    i18n (0.6.1)
    json (1.7.3)
    multi_json (1.5.0)
    rake (0.9.2.2)
    rdoc (3.12)
      json (~> 1.4)
    rspec (2.10.0)
      rspec-core (~> 2.10.0)
      rspec-expectations (~> 2.10.0)
      rspec-mocks (~> 2.10.0)
    rspec-core (2.10.1)
    rspec-expectations (2.10.0)
      diff-lcs (~> 1.1.3)
    rspec-mocks (2.10.1)
    yard (0.8.1)

PLATFORMS
  ruby

DEPENDENCIES
  fakeweb
  rake
  rdoc
  rspec
  tropo-provisioning!
  yard
