PATH
  remote: .
  specs:
    tropo-provisioning (0.0.29)
      activesupport (= 3.2.13)
      hashie (= 2.0.3)
      i18n (= 0.6.1)

GEM
  remote: http://rubygems.org/
  specs:
    activesupport (3.2.13)
      i18n (= 0.6.1)
      multi_json (~> 1.0)
    diff-lcs (1.2.4)
    fakeweb (1.3.0)
    hashie (2.0.3)
    i18n (0.6.1)
    json (1.8.0)
    multi_json (1.7.7)
    rake (0.9.2.2)
    rdoc (3.12)
      json (~> 1.4)
    rspec (2.13.0)
      rspec-core (~> 2.13.0)
      rspec-expectations (~> 2.13.0)
      rspec-mocks (~> 2.13.0)
    rspec-core (2.13.1)
    rspec-expectations (2.13.0)
      diff-lcs (>= 1.1.3, < 2.0)
    rspec-mocks (2.13.1)
    yard (0.8.1)

PLATFORMS
  ruby

DEPENDENCIES
  fakeweb (= 1.3.0)
  rake (= 0.9.2.2)
  rdoc (= 3.12)
  rspec (= 2.13.0)
  tropo-provisioning!
  yard (= 0.8.1)
